GIT
  remote: git://github.com/rails/rails.git
  revision: ac8d0d76cb72bd0542405cfb73552a699f2bc0ef
  specs:
    rails (5.0.0.beta4)
      actioncable (= 5.0.0.beta4)
      actionmailer (= 5.0.0.beta4)
      actionpack (= 5.0.0.beta4)
      actionview (= 5.0.0.beta4)
      activejob (= 5.0.0.beta4)
      activemodel (= 5.0.0.beta4)
      activerecord (= 5.0.0.beta4)
      activesupport (= 5.0.0.beta4)
      bundler (>= 1.3.0, < 2.0)
      railties (= 5.0.0.beta4)
      sprockets-rails (>= 2.0.0)

GEM
  remote: https://rubygems.org/
  specs:
    actioncable (5.0.0.beta4)
      actionpack (= 5.0.0.beta4)
      nio4r (~> 1.2)
      websocket-driver (~> 0.6.1)
    actionmailer (5.0.0.beta4)
      actionpack (= 5.0.0.beta4)
      actionview (= 5.0.0.beta4)
      activejob (= 5.0.0.beta4)
      mail (~> 2.5, >= 2.5.4)
      rails-dom-testing (~> 1.0, >= 1.0.5)
    actionpack (5.0.0.beta4)
      actionview (= 5.0.0.beta4)
      activesupport (= 5.0.0.beta4)
      rack (~> 2.x)
      rack-test (~> 0.6.3)
      rails-dom-testing (~> 1.0, >= 1.0.5)
      rails-html-sanitizer (~> 1.0, >= 1.0.2)
    actionview (5.0.0.beta4)
      activesupport (= 5.0.0.beta4)
      builder (~> 3.1)
      erubis (~> 2.7.0)
      rails-dom-testing (~> 1.0, >= 1.0.5)
      rails-html-sanitizer (~> 1.0, >= 1.0.2)
    activejob (5.0.0.beta4)
      activesupport (= 5.0.0.beta4)
      globalid (>= 0.3.6)
    activemodel (5.0.0.beta4)
      activesupport (= 5.0.0.beta4)
    activerecord (5.0.0.beta4)
      activemodel (= 5.0.0.beta4)
      activesupport (= 5.0.0.beta4)
      arel (~> 7.0)
    activerecord-jdbc-adapter (1.3.20)
      activerecord (>= 2.2)
    activerecord-jdbcpostgresql-adapter (1.3.20)
      activerecord-jdbc-adapter (~> 1.3.20)
      jdbc-postgres (>= 9.1)
    activesupport (5.0.0.beta4)
      concurrent-ruby (~> 1.0, >= 1.0.2)
      i18n (~> 0.7)
      minitest (~> 5.1)
      tzinfo (~> 1.1)
    arel (7.0.0)
    binding_of_caller (0.7.2)
      debug_inspector (>= 0.0.1)
    builder (3.2.2)
    byebug (8.2.5)
    coffee-rails (4.1.1)
      coffee-script (>= 2.2.0)
      railties (>= 4.0.0, < 5.1.x)
    coffee-script (2.4.1)
      coffee-script-source
      execjs
    coffee-script-source (1.10.0)
    concurrent-ruby (1.0.2)
    cowsay (0.2.0)
    debug_inspector (0.0.2)
    erubis (2.7.0)
    execjs (2.6.0)
    globalid (0.3.6)
      activesupport (>= 4.1.0)
    i18n (0.7.0)
    jbuilder (2.4.1)
      activesupport (>= 3.0.0, < 5.1)
      multi_json (~> 1.2)
    jdbc-postgres (9.4.1206)
    jquery-rails (4.1.1)
      rails-dom-testing (>= 1, < 3)
      railties (>= 4.2.0)
      thor (>= 0.14, < 2.0)
    json (1.8.3)
    loofah (2.0.3)
      nokogiri (>= 1.5.9)
    mail (2.6.4)
      mime-types (>= 1.16, < 4)
    method_source (0.8.2)
    mime-types (3.0)
      mime-types-data (~> 3.2015)
    mime-types-data (3.2016.0221)
    mini_portile (0.5.3)
    minitest (5.8.4)
    multi_json (1.11.3)
    nio4r (1.2.1)
    nokogiri (1.6.0-x86-mingw32)
      mini_portile (~> 0.5.0)
    pg (0.18.4-x86-mingw32)
    puma (3.4.0)
    rack (2.0.0.alpha)
      json
    rack-test (0.6.3)
      rack (>= 1.0)
    rails-deprecated_sanitizer (1.0.3)
      activesupport (>= 4.2.0.alpha)
    rails-dom-testing (1.0.7)
      activesupport (>= 4.2.0.beta, < 5.0)
      nokogiri (~> 1.6.0)
      rails-deprecated_sanitizer (>= 1.0.1)
    rails-html-sanitizer (1.0.3)
      loofah (~> 2.0)
    rails_12factor (0.0.3)
      rails_serve_static_assets
      rails_stdout_logging
    rails_serve_static_assets (0.0.5)
    rails_stdout_logging (0.0.5)
    railties (5.0.0.beta4)
      actionpack (= 5.0.0.beta4)
      activesupport (= 5.0.0.beta4)
      method_source
      rake (>= 0.8.7)
      thor (>= 0.18.1, < 2.0)
    rake (11.1.2)
    rdoc (4.2.2)
      json (~> 1.4)
    sass (3.4.22)
    sass-rails (5.0.4)
      railties (>= 4.0.0, < 5.0)
      sass (~> 3.1)
      sprockets (>= 2.8, < 4.0)
      sprockets-rails (>= 2.0, < 4.0)
      tilt (>= 1.1, < 3)
    sdoc (0.4.1)
      json (~> 1.7, >= 1.7.7)
      rdoc (~> 4.0)
    sprockets (3.6.0)
      concurrent-ruby (~> 1.0)
      rack (> 1, < 3)
    sprockets-rails (3.0.4)
      actionpack (>= 4.0)
      activesupport (>= 4.0)
      sprockets (>= 3.0.0)
    thor (0.19.1)
    thread_safe (0.3.5)
    tilt (2.0.2)
    turbolinks (2.5.3)
      coffee-rails
    tzinfo (1.2.2)
      thread_safe (~> 0.1)
    tzinfo-data (1.2016.4)
      tzinfo (>= 1.0.0)
    uglifier (3.0.0)
      execjs (>= 0.3.0, < 3)
    web-console (2.3.0)
      activemodel (>= 4.0)
      binding_of_caller (>= 0.7.2)
      railties (>= 4.0)
      sprockets-rails (>= 2.0, < 4.0)
    websocket-driver (0.6.3)
      websocket-extensions (>= 0.1.0)
    websocket-extensions (0.1.2)

PLATFORMS
  x86-mingw32

DEPENDENCIES
  activerecord-jdbcpostgresql-adapter
  byebug
  coffee-rails (~> 4.1.0)
  cowsay
  jbuilder (~> 2.0)
  jquery-rails
  nokogiri (= 1.6.0)
  pg (~> 0.15)
  puma
  rails!
  rails_12factor
  sass-rails (~> 5.0)
  sdoc (~> 0.4.0)
  turbolinks
  tzinfo-data
  uglifier (>= 1.3.0)
  web-console (~> 2.0)

BUNDLED WITH
   1.12.1
